GEM
  remote: http://rubygems.org/
  specs:
    archive-zip (0.7.0)
      io-like (~> 0.3.0)
    childprocess (0.8.0)
      ffi (~> 1.0, >= 1.0.11)
    ffi (1.9.18)
    geckodriver-helper (0.0.4)
      archive-zip (~> 0.7.0)
    io-like (0.3.0)
    rubyzip (1.2.1)
    selenium-webdriver (3.8.0)
      childprocess (~> 0.5)
      rubyzip (~> 1.0)

PLATFORMS
  ruby

DEPENDENCIES
  geckodriver-helper
  selenium-webdriver

BUNDLED WITH
   1.16.0
